GEM
  remote: http://rubygems.org/
  specs:
    colorize (0.5.8)
    diff-lcs (1.1.3)
    gherkin-ruby (0.1.0)
      racc
      rexical
    racc (1.4.7)
    rexical (1.0.5)
    rspec (2.8.0)
      rspec-core (~> 2.8.0)
      rspec-expectations (~> 2.8.0)
      rspec-mocks (~> 2.8.0)
    rspec-core (2.8.0)
    rspec-expectations (2.8.0)
      diff-lcs (~> 1.1.2)
    rspec-mocks (2.8.0)
    spinach (0.3.1)
      colorize
      gherkin-ruby (~> 0.1.0)

PLATFORMS
  ruby

DEPENDENCIES
  rspec
  spinach
